GIT
  remote: git://github.com/bennibu/localize_input.git
  revision: 5eb188d2525a073d09e142cf8b0b04e6ace6e7b0
  specs:
    localize_input (0.1.0)

GIT
  remote: git://github.com/fnando/i18n-js.git
  revision: af900f4e622f69b4f256c9ee30d3d5b2d2b48af0
  specs:
    i18n-js (3.0.0.rc10)
      i18n (~> 0.6)

GIT
  remote: git://github.com/wvengen/the_sortable_tree.git
  revision: 22d72ec71b9a07a3b2dbdd2d0e7262f947de0c72
  specs:
    the_sortable_tree (2.5.0)
      rails (>= 3.1)

PATH
  remote: lib/foodsoft_current_orders
  specs:
    foodsoft_current_orders (0.0.1)
      deface (~> 1.0.0)
      rails

PATH
  remote: lib/foodsoft_mailall
  specs:
    foodsoft_mailall (0.0.1)
      content_for_in_controllers
      rails

PATH
  remote: lib/foodsoft_messages
  specs:
    foodsoft_messages (0.0.1)
      deface (~> 1.0.0)
      rails

PATH
  remote: lib/foodsoft_mollie
  specs:
    foodsoft_mollie (0.0.1)
      mollie-api-ruby
      rails

PATH
  remote: lib/foodsoft_orderdoc
  specs:
    foodsoft_orderdoc (0.0.1)
      deface (~> 1.0.0)
      mimemagic
      rails

PATH
  remote: lib/foodsoft_payorder
  specs:
    foodsoft_payorder (0.0.1)
      deface (~> 1.0.0)
      rails

PATH
  remote: lib/foodsoft_signup
  specs:
    foodsoft_signup (0.0.1)
      deface (~> 1.0.0)
      easy_captcha
      rails
      rmagick

PATH
  remote: lib/foodsoft_split_manufacturer
  specs:
    foodsoft_split_manufacturer (0.0.1)
      deface (~> 1.0.0)
      rails

GEM
  remote: https://rubygems.org/
  specs:
    actionmailer (3.2.22.2)
      actionpack (= 3.2.22.2)
      mail (~> 2.5.4)
    actionpack (3.2.22.2)
      activemodel (= 3.2.22.2)
      activesupport (= 3.2.22.2)
      builder (~> 3.0.0)
      erubis (~> 2.7.0)
      journey (~> 1.0.4)
      rack (~> 1.4.5)
      rack-cache (~> 1.2)
      rack-test (~> 0.6.1)
      sprockets (~> 2.2.1)
    activemodel (3.2.22.2)
      activesupport (= 3.2.22.2)
      builder (~> 3.0.0)
    activerecord (3.2.22.2)
      activemodel (= 3.2.22.2)
      activesupport (= 3.2.22.2)
      arel (~> 3.0.2)
      tzinfo (~> 0.3.29)
    activeresource (3.2.22.2)
      activemodel (= 3.2.22.2)
      activesupport (= 3.2.22.2)
    activesupport (3.2.22.2)
      i18n (~> 0.6, >= 0.6.4)
      multi_json (~> 1.0)
    acts_as_list (0.7.2)
      activerecord (>= 3.0)
    acts_as_tree (2.2.0)
      activerecord (>= 3.0.0)
    addressable (2.4.0)
    ancestry (2.1.0)
      activerecord (>= 3.0.0)
    arel (3.0.3)
    attribute_normalizer (1.2.0)
    better_errors (2.1.1)
      coderay (>= 1.0.0)
      erubis (>= 2.6.6)
      rack (>= 0.9.0)
    binding_of_caller (0.7.2)
      debug_inspector (>= 0.0.1)
    bootstrap-datepicker-rails (1.4.0)
      railties (>= 3.0)
    builder (3.0.4)
    bullet (4.14.7)
      activesupport (>= 3.0.0)
      uniform_notifier (~> 1.9.0)
    callsite (0.0.11)
    capistrano (3.2.1)
      i18n
      rake (>= 10.0.0)
      sshkit (~> 1.3)
    capistrano-bundler (1.1.4)
      capistrano (~> 3.1)
      sshkit (~> 1.2)
    capistrano-rails (1.1.3)
      capistrano (~> 3.1)
      capistrano-bundler (~> 1.1)
    capistrano-rvm (0.1.2)
      capistrano (~> 3.0)
      sshkit (~> 1.2)
    capybara (2.7.0)
      addressable
      mime-types (>= 1.16)
      nokogiri (>= 1.3.3)
      rack (>= 1.0.0)
      rack-test (>= 0.5.4)
      xpath (~> 2.0)
    capybara-select2 (1.0.1)
      capybara
      rspec
    charlock_holmes (0.7.3)
    childprocess (0.5.9)
      ffi (~> 1.0, >= 1.0.11)
    chronic (0.10.2)
    client_side_validations (3.2.7)
    client_side_validations-simple_form (2.1.0)
      client_side_validations (~> 3.2.5)
      simple_form (~> 2.1.0)
    coderay (1.1.0)
    coffee-rails (3.2.2)
      coffee-script (>= 2.2.0)
      railties (~> 3.2.0)
    coffee-script (2.4.1)
      coffee-script-source
      execjs
    coffee-script-source (1.9.1.1)
    colorize (0.7.7)
    commonjs (0.2.7)
    connection_pool (2.2.0)
    content_for_in_controllers (0.0.2)
    coveralls (0.8.2)
      json (~> 1.8)
      rest-client (>= 1.6.8, < 2)
      simplecov (~> 0.10.0)
      term-ansicolor (~> 1.3)
      thor (~> 0.19.1)
    daemons (1.2.3)
    database_cleaner (1.5.0)
    date_time_attribute (0.1.2)
      activesupport (>= 3.0.0)
    debug_inspector (0.0.2)
    deface (1.0.1)
      colorize (>= 0.5.8)
      nokogiri (~> 1.6.0)
      polyglot
      rails (>= 3.1)
    diff-lcs (1.2.5)
    docile (1.1.5)
    domain_name (0.5.24)
      unf (>= 0.0.5, < 1.0.0)
    easy_captcha (0.6.4)
      bundler (>= 1.1.0)
      rails (>= 3.0.0)
      rmagick (>= 2.13.1)
      rspec-rails (>= 2.8.1)
      simplecov (>= 0.3.8)
      yard (>= 0.7.0)
    erubis (2.7.0)
    eventmachine (1.0.9.1)
    exception_notification (4.1.1)
      actionmailer (>= 3.0.4)
      activesupport (>= 3.0.4)
    execjs (2.6.0)
    factory_girl (4.5.0)
      activesupport (>= 3.0.0)
    factory_girl_rails (4.5.0)
      factory_girl (~> 4.5.0)
      railties (>= 3.0.0)
    faker (1.5.0)
      i18n (~> 0.5)
    ffi (1.9.10)
    gaffe (1.0.2)
      rails (>= 3.2.0)
    git-version-bump (0.15.1)
    haml (4.0.7)
      tilt
    haml-rails (0.4)
      actionpack (>= 3.1, < 4.1)
      activesupport (>= 3.1, < 4.1)
      haml (>= 3.1, < 4.1)
      railties (>= 3.1, < 4.1)
    has_scope (0.6.0)
      actionpack (>= 3.2, < 5)
      activesupport (>= 3.2, < 5)
    hashie (3.4.2)
    hike (1.2.3)
    http-cookie (1.0.2)
      domain_name (~> 0.5)
    i18n (0.7.0)
    i18n-spec (0.6.0)
      iso
    ice_cube (0.13.0)
    inherited_resources (1.6.0)
      actionpack (>= 3.2, < 5)
      has_scope (~> 0.6.0.rc)
      railties (>= 3.2, < 5)
      responders
    iso (0.2.1)
      i18n
    journey (1.0.4)
    jquery-rails (3.1.4)
      railties (>= 3.0, < 5.0)
      thor (>= 0.14, < 2.0)
    jquery-ui-rails (5.0.5)
      railties (>= 3.2.16)
    json (1.8.3)
    kaminari (0.16.3)
      actionpack (>= 3.0.0)
      activesupport (>= 3.0.0)
    less (2.6.0)
      commonjs (~> 0.2.7)
    less-rails (2.6.0)
      actionpack (>= 3.1)
      less (~> 2.6.0)
    libv8 (3.16.14.11)
    mail (2.5.4)
      mime-types (~> 1.16)
      treetop (~> 1.4.8)
    mailcatcher (0.5.12)
      activesupport (~> 3.0)
      eventmachine (~> 1.0.0)
      haml (>= 3.1, < 5)
      mail (~> 2.3)
      sinatra (~> 1.2)
      skinny (~> 0.2.3)
      sqlite3 (~> 1.3)
      thin (~> 1.5.0)
    meta_request (0.3.4)
      callsite (~> 0.0, >= 0.0.11)
      rack-contrib (~> 1.1)
      railties (>= 3.0.0, < 5.0.0)
    meta_search (1.1.3)
      actionpack (~> 3.1)
      activerecord (~> 3.1)
      activesupport (~> 3.1)
      polyamorous (~> 0.5.0)
    mime-types (1.25.1)
    mimemagic (0.3.0)
    mini_portile2 (2.0.0)
    mollie-api-ruby (1.1.5)
      json (~> 1.8)
      rest-client (~> 1.8)
    mono_logger (1.1.0)
    multi_json (1.11.3)
    mysql2 (0.3.20)
    net-scp (1.2.1)
      net-ssh (>= 2.6.5)
    net-ssh (2.9.2)
    netrc (0.10.3)
    nokogiri (1.6.7.2)
      mini_portile2 (~> 2.0.0.rc2)
    pdf-core (0.6.0)
    polyamorous (0.5.0)
      activerecord (~> 3.0)
    polyglot (0.3.5)
    power_assert (0.2.4)
    prawn (2.0.2)
      pdf-core (~> 0.6.0)
      ttfunk (~> 1.4.0)
    prawn-table (0.2.2)
      prawn (>= 1.3.0, < 3.0.0)
    quiet_assets (1.1.0)
      railties (>= 3.1, < 5.0)
    rack (1.4.7)
    rack-cache (1.6.1)
      rack (>= 0.4)
    rack-contrib (1.4.0)
      git-version-bump (~> 0.15)
      rack (~> 1.4)
    rack-protection (1.5.3)
      rack
    rack-ssl (1.3.4)
      rack
    rack-test (0.6.3)
      rack (>= 1.0)
    rails (3.2.22.2)
      actionmailer (= 3.2.22.2)
      actionpack (= 3.2.22.2)
      activerecord (= 3.2.22.2)
      activeresource (= 3.2.22.2)
      activesupport (= 3.2.22.2)
      bundler (~> 1.0)
      railties (= 3.2.22.2)
    rails-assets-listjs (0.2.0.beta.4)
      railties (>= 3.1)
    rails-i18n (3.0.1)
      i18n (~> 0.5)
      rails (>= 3.0.0, < 4.0.0)
    rails-settings-cached (0.2.4)
      rails (>= 3.0.0)
    rails_tokeninput (1.7.0)
      railties (>= 3.1.0)
    railties (3.2.22.2)
      actionpack (= 3.2.22.2)
      activesupport (= 3.2.22.2)
      rack-ssl (~> 1.3.2)
      rake (>= 0.8.7)
      rdoc (~> 3.4)
      thor (>= 0.14.6, < 2.0)
    rake (11.1.2)
    rdoc (3.12.2)
      json (~> 1.4)
    recurring_select (1.3.1)
      coffee-rails (>= 3.1)
      ice_cube (>= 0.11)
      jquery-rails (>= 3.0)
      rails (>= 3.2)
      sass-rails (>= 3.1)
    redis (3.2.1)
    redis-namespace (1.5.2)
      redis (~> 3.0, >= 3.0.4)
    ref (2.0.0)
    responders (1.1.2)
      railties (>= 3.2, < 4.2)
    resque (1.25.2)
      mono_logger (~> 1.0)
      multi_json (~> 1.0)
      redis-namespace (~> 1.3)
      sinatra (>= 0.9.2)
      vegas (~> 0.1.2)
    rest-client (1.8.0)
      http-cookie (>= 1.0.2, < 2.0)
      mime-types (>= 1.16, < 3.0)
      netrc (~> 0.7)
    rmagick (2.15.4)
    rspec (3.3.0)
      rspec-core (~> 3.3.0)
      rspec-expectations (~> 3.3.0)
      rspec-mocks (~> 3.3.0)
    rspec-core (3.3.2)
      rspec-support (~> 3.3.0)
    rspec-expectations (3.3.1)
      diff-lcs (>= 1.2.0, < 2.0)
      rspec-support (~> 3.3.0)
    rspec-legacy_formatters (1.0.0)
      rspec-core (>= 3.0.0.beta2)
      rspec-support (>= 3.0.0.beta2)
    rspec-mocks (3.3.2)
      diff-lcs (>= 1.2.0, < 2.0)
      rspec-support (~> 3.3.0)
    rspec-rails (3.3.3)
      actionpack (>= 3.0, < 4.3)
      activesupport (>= 3.0, < 4.3)
      railties (>= 3.0, < 4.3)
      rspec-core (~> 3.3.0)
      rspec-expectations (~> 3.3.0)
      rspec-mocks (~> 3.3.0)
      rspec-support (~> 3.3.0)
    rspec-rerun (1.1.0)
      rspec (~> 3.0)
    rspec-support (3.3.0)
    ruby-prof (0.15.8)
    ruby-units (1.4.5)
    rubyzip (1.2.0)
    sass (3.4.18)
    sass-rails (3.2.6)
      railties (~> 3.2.0)
      sass (>= 3.1.10)
      tilt (~> 1.3)
    select2-rails (3.5.9.3)
      thor (~> 0.14)
    selenium-webdriver (2.53.0)
      childprocess (~> 0.5)
      rubyzip (~> 1.0)
      websocket (~> 1.0)
    simple-navigation (3.14.0)
      activesupport (>= 2.3.2)
    simple-navigation-bootstrap (1.0.2)
      railties (>= 3.1)
      simple-navigation (>= 3.7.0, < 4.0.0)
    simple_form (2.1.3)
      actionpack (~> 3.0)
      activemodel (~> 3.0)
    simplecov (0.10.0)
      docile (~> 1.1.0)
      json (~> 1.8)
      simplecov-html (~> 0.10.0)
    simplecov-html (0.10.0)
    sinatra (1.4.6)
      rack (~> 1.4)
      rack-protection (~> 1.4)
      tilt (>= 1.3, < 3)
    skinny (0.2.4)
      eventmachine (~> 1.0.0)
      thin (>= 1.5, < 1.7)
    sprockets (2.2.3)
      hike (~> 1.2)
      multi_json (~> 1.0)
      rack (~> 1.0)
      tilt (~> 1.1, != 1.3.0)
    sqlite3 (1.3.11)
    sshkit (1.7.1)
      colorize (>= 0.7.0)
      net-scp (>= 1.1.2)
      net-ssh (>= 2.8.0)
    strong_parameters (0.2.3)
      actionpack (~> 3.0)
      activemodel (~> 3.0)
      activesupport (~> 3.0)
      railties (~> 3.0)
    term-ansicolor (1.3.2)
      tins (~> 1.0)
    test-unit (3.1.3)
      power_assert
    therubyracer (0.12.2)
      libv8 (~> 3.16.14.0)
      ref
    thin (1.5.1)
      daemons (>= 1.0.9)
      eventmachine (>= 0.12.6)
      rack (>= 1.0.0)
    thor (0.19.1)
    tilt (1.4.1)
    tins (1.6.0)
    treetop (1.4.15)
      polyglot
      polyglot (>= 0.3.1)
    ttfunk (1.4.0)
    twitter-bootstrap-rails (2.2.8)
      actionpack (>= 3.1)
      execjs
      rails (>= 3.1)
      railties (>= 3.1)
    tzinfo (0.3.49)
    uglifier (2.7.2)
      execjs (>= 0.3.0)
      json (>= 1.8.0)
    unf (0.1.4)
      unf_ext
    unf_ext (0.0.7.1)
    uniform_notifier (1.9.0)
    vegas (0.1.11)
      rack (>= 1.0.0)
    version_info (1.9.0)
    websocket (1.2.3)
    whenever (0.9.4)
      chronic (>= 0.6.3)
    world-flags (0.6.5)
      hashie (>= 1.2)
      i18n (>= 0.6)
    xpath (2.0.0)
      nokogiri (~> 1.3)
    yard (0.8.7.6)

PLATFORMS
  ruby

DEPENDENCIES
  acts_as_list
  acts_as_tree
  ancestry
  attribute_normalizer
  better_errors
  binding_of_caller
  bootstrap-datepicker-rails
  bullet
  capistrano (~> 3.2.0)
  capistrano-bundler (>= 1.1.0)
  capistrano-rails
  capistrano-rvm
  capybara
  capybara-select2
  charlock_holmes
  client_side_validations
  client_side_validations-simple_form
  connection_pool
  coveralls
  daemons
  database_cleaner
  date_time_attribute
  exception_notification
  factory_girl_rails (~> 4.0)
  faker
  foodsoft_current_orders!
  foodsoft_mailall!
  foodsoft_messages!
  foodsoft_mollie!
  foodsoft_orderdoc!
  foodsoft_payorder!
  foodsoft_signup!
  foodsoft_split_manufacturer!
  gaffe
  haml-rails
  i18n-js!
  i18n-spec
  ice_cube (~> 0.13.0)
  inherited_resources
  jquery-rails
  jquery-ui-rails
  kaminari
  less-rails
  localize_input!
  mailcatcher
  meta_request
  meta_search
  mysql2
  prawn
  prawn-table
  quiet_assets
  rails (~> 3.2.9)
  rails-assets-listjs (= 0.2.0.beta.4)
  rails-i18n
  rails-settings-cached (= 0.2.4)
  rails_tokeninput
  recurring_select
  resque
  rspec-core
  rspec-legacy_formatters
  rspec-rails
  rspec-rerun
  ruby-prof
  ruby-units
  sass-rails
  select2-rails (~> 3.5.0)
  selenium-webdriver
  simple-navigation (~> 3.13)
  simple-navigation-bootstrap
  simple_form
  simplecov
  sqlite3
  strong_parameters
  test-unit (~> 3.0)
  the_sortable_tree!
  therubyracer
  thin
  twitter-bootstrap-rails
  uglifier (>= 1.0.3)
  version_info
  whenever
  world-flags (~> 0.6.4)
